GEM
  remote: https://rubygems.org/
  specs:
    mini_magick (4.2.1)

PLATFORMS
  ruby

DEPENDENCIES
  mini_magick
